NUGET
  remote: https://www.nuget.org/api/v2
    FSharp.Core (4.0.0.1)

GROUP Build
NUGET
  remote: https://www.nuget.org/api/v2
    FAKE (4.45.1)
    FSharp.Core (4.0.0.1)
    Node.js (5.3)
    Npm.js (2.13.1)
      Node.js (>= 0.12.7)
